GEM
  remote: https://rubygems.org/
  specs:
    addressable (2.3.5)
    bigdecimal (1.2.3)
    blankslate (2.1.2.4)
    bootstrap-sass (3.1.0.2)
      sass (~> 3.2)
    celluloid (0.15.2)
      timers (~> 1.1.0)
    chunky_png (1.2.9)
    classifier (1.3.4)
      fast-stemmer (>= 1.0.0)
    colorator (0.1)
    commander (4.1.5)
      highline (~> 1.6.11)
    compass (0.12.2)
      chunky_png (~> 1.2)
      fssm (>= 0.2.7)
      sass (~> 3.1)
    css_parser (1.3.5)
      addressable
    fast-stemmer (1.0.2)
    ffi (1.9.3)
    fssm (0.2.10)
    highline (1.6.20)
    io-console (0.4.2)
    jekyll (1.4.3)
      classifier (~> 1.3)
      colorator (~> 0.1)
      commander (~> 4.1.3)
      liquid (~> 2.5.5)
      listen (~> 1.3)
      maruku (~> 0.7.0)
      pygments.rb (~> 0.5.0)
      redcarpet (~> 2.3.0)
      safe_yaml (~> 0.9.7)
      toml (~> 0.1.0)
    jekyll-contentblocks (0.0.2)
      jekyll
    json (1.8.1)
    liquid (2.5.5)
    listen (1.3.1)
      rb-fsevent (>= 0.9.3)
      rb-inotify (>= 0.9)
      rb-kqueue (>= 0.2)
    maruku (0.7.1)
    minitest (4.7.5)
    parslet (1.5.0)
      blankslate (~> 2.0)
    posix-spawn (0.3.8)
    psych (2.0.2)
    pygments.rb (0.5.4)
      posix-spawn (~> 0.3.6)
      yajl-ruby (~> 1.1.0)
    rake (10.1.0)
    rb-fsevent (0.9.4)
    rb-inotify (0.9.3)
      ffi (>= 0.5.0)
    rb-kqueue (0.2.0)
      ffi (>= 0.5.0)
    rdoc (4.1.0)
    redcarpet (2.3.0)
    safe_yaml (0.9.7)
    sass (3.2.13)
    test-unit (2.1.0.0)
    timers (1.1.0)
    toml (0.1.0)
      parslet (~> 1.5.0)
    yajl-ruby (1.1.0)

PLATFORMS
  ruby

DEPENDENCIES
  addressable (= 2.3.5)
  bigdecimal (= 1.2.3)
  blankslate (= 2.1.2.4)
  bootstrap-sass (= 3.1.0.2)
  bundler (= 1.5.3)
  celluloid (= 0.15.2)
  chunky_png (= 1.2.9)
  classifier (= 1.3.4)
  colorator (= 0.1)
  commander (= 4.1.5)
  compass (= 0.12.2)
  css_parser (= 1.3.5)
  fast-stemmer (= 1.0.2)
  ffi (= 1.9.3)
  fssm (= 0.2.10)
  highline (= 1.6.20)
  io-console (= 0.4.2)
  jekyll (= 1.4.3)
  jekyll-contentblocks
  json (= 1.8.1)
  liquid (= 2.5.5)
  listen (= 1.3.1)
  minitest (= 4.7.5)
  parslet (= 1.5.0)
  posix-spawn (= 0.3.8)
  psych (= 2.0.2)
  pygments.rb (= 0.5.4)
  rake (= 10.1.0)
  rb-fsevent (= 0.9.4)
  rb-inotify (= 0.9.3)
  rb-kqueue (= 0.2.0)
  rdoc (= 4.1.0)
  redcarpet (= 2.3.0)
  safe_yaml (= 0.9.7)
  sass (= 3.2.13)
  test-unit (= 2.1.0.0)
  timers (= 1.1.0)
  toml (= 0.1.0)
  yajl-ruby (= 1.1.0)
